GEM
  specs:
    actionmailer (2.3.5)
      actionpack (= 2.3.5)
    actionpack (2.3.5)
      activesupport (= 2.3.5)
      rack (~> 1.0.0)
    activerecord (2.3.5)
      activesupport (= 2.3.5)
    activeresource (2.3.5)
      activesupport (= 2.3.5)
    activesupport (2.3.5)
    authlogic (2.1.3)
      activesupport
    haml (2.2.16)
    has_scope (0.5.0)
    hoptoad_notifier (2.3.5)
      activesupport
    inherited_resources (1.0.1)
      has_scope (>= 0.3)
      responders (>= 0.2)
    paperclip (2.3.1.1)
    rack (1.0.1)
    rails (2.3.5)
      actionmailer (= 2.3.5)
      actionpack (= 2.3.5)
      activerecord (= 2.3.5)
      activeresource (= 2.3.5)
      activesupport (= 2.3.5)
      rake (>= 0.8.3)
    rake (0.8.7)
    responders (0.6.2)
    will_paginate (2.3.11)

PLATFORMS
  ruby

DEPENDENCIES
  authlogic (= 2.1.3)
  haml (= 2.2.16)
  hoptoad_notifier (= 2.3.5)
  inherited_resources (= 1.0.1)
  paperclip (= 2.3.1.1)
  rails (= 2.3.5)
  will_paginate (= 2.3.11)
