GEM
  remote: http://rubygems.org/
  specs:
    actionmailer (2.3.11)
      actionpack (= 2.3.11)
    actionpack (2.3.11)
      activesupport (= 2.3.11)
      rack (~> 1.1.0)
    activerecord (2.3.11)
      activesupport (= 2.3.11)
    activeresource (2.3.11)
      activesupport (= 2.3.11)
    activesupport (2.3.11)
    authlogic (2.1.3)
      activesupport
    columnize (0.3.4)
    haml (2.2.16)
    has_scope (0.5.1)
    hoptoad_notifier (2.3.5)
      activesupport
    inherited_resources (1.0.0)
      has_scope (>= 0.3)
      responders (>= 0.2)
    linecache (0.46)
      rbx-require-relative (> 0.0.4)
    mysql (2.8.1)
    paperclip (2.3.1.1)
    rack (1.1.2)
    rails (2.3.11)
      actionmailer (= 2.3.11)
      actionpack (= 2.3.11)
      activerecord (= 2.3.11)
      activeresource (= 2.3.11)
      activesupport (= 2.3.11)
      rake (>= 0.8.3)
    rake (0.9.2)
    rbx-require-relative (0.0.5)
    responders (0.4)
    ruby-debug (0.10.4)
      columnize (>= 0.1)
      ruby-debug-base (~> 0.10.4.0)
    ruby-debug-base (0.10.4)
      linecache (>= 0.3)
    will_paginate (2.3.11)

PLATFORMS
  ruby

DEPENDENCIES
  authlogic (= 2.1.3)
  haml (= 2.2.16)
  hoptoad_notifier (= 2.3.5)
  inherited_resources (= 1.0.0)
  mysql
  paperclip (= 2.3.1.1)
  rails (= 2.3.11)
  responders (= 0.4.0)
  ruby-debug
  will_paginate (= 2.3.11)
